GEM
  remote: https://rubygems.org/
  specs:
    blasphemy (0.2.0)
    faker (1.4.3)
      i18n (~> 0.5)
    httparty (0.9.0)
      multi_json (~> 1.0)
      multi_xml
    i18n (0.7.0)
    multi_json (1.3.5)
    multi_xml (0.5.1)
    slop (3.5.0)

PLATFORMS
  ruby

DEPENDENCIES
  blasphemy
  faker
  httparty
  slop
